GEM
  remote: https://rubygems.org/
  specs:
    concurrent-ruby (1.1.9)
    i18n (1.9.1)
      concurrent-ruby (~> 1.0)

PLATFORMS
  ruby

DEPENDENCIES
  i18n (~> 1.9)

BUNDLED WITH
   1.17.2
